PATH
  remote: .
  specs:
    ruby_pager (0.1.0)
      awesome_print
      gtk3
      nokogiri
      nori
      trollop

GEM
  remote: https://rubygems.org/
  specs:
    atk (3.2.1)
      glib2 (= 3.2.1)
    awesome_print (1.8.0)
    cairo (1.15.11)
      native-package-installer (>= 1.0.3)
      pkg-config (>= 1.2.2)
    cairo-gobject (3.2.1)
      cairo
      glib2 (= 3.2.1)
    diff-lcs (1.3)
    gdk3 (3.2.1)
      cairo-gobject (= 3.2.1)
      gdk_pixbuf2 (= 3.2.1)
      gobject-introspection (= 3.2.1)
      pango (= 3.2.1)
    gdk_pixbuf2 (3.2.1)
      gio2 (= 3.2.1)
    gio2 (3.2.1)
      glib2 (= 3.2.1)
      gobject-introspection (= 3.2.1)
    glib2 (3.2.1)
      native-package-installer (>= 1.0.3)
      pkg-config (>= 1.2.2)
    gobject-introspection (3.2.1)
      glib2 (= 3.2.1)
    gtk3 (3.2.1)
      atk (= 3.2.1)
      gdk3 (= 3.2.1)
      gdk_pixbuf2 (= 3.2.1)
      gio2 (= 3.2.1)
      glib2 (= 3.2.1)
      gobject-introspection (= 3.2.1)
      pango (= 3.2.1)
    mini_portile2 (2.3.0)
    native-package-installer (1.0.6)
    nokogiri (1.8.1)
      mini_portile2 (~> 2.3.0)
    nori (2.6.0)
    pango (3.2.1)
      cairo (>= 1.14.0)
      cairo-gobject (= 3.2.1)
      gobject-introspection (= 3.2.1)
    pkg-config (1.2.9)
    rake (10.5.0)
    rspec (3.7.0)
      rspec-core (~> 3.7.0)
      rspec-expectations (~> 3.7.0)
      rspec-mocks (~> 3.7.0)
    rspec-core (3.7.1)
      rspec-support (~> 3.7.0)
    rspec-expectations (3.7.0)
      diff-lcs (>= 1.2.0, < 2.0)
      rspec-support (~> 3.7.0)
    rspec-mocks (3.7.0)
      diff-lcs (>= 1.2.0, < 2.0)
      rspec-support (~> 3.7.0)
    rspec-support (3.7.0)
    trollop (2.1.2)

PLATFORMS
  ruby

DEPENDENCIES
  bundler (~> 1.16)
  rake (~> 10.0)
  rspec (~> 3.0)
  ruby_pager!

BUNDLED WITH
   1.16.1
